GEM
  remote: http://rubygems.org/
  specs:
    git (1.2.5)
    jeweler (1.6.4)
      bundler (~> 1.0)
      git (>= 1.2.5)
      rake
    json (1.6.3)
    rake (0.9.2.2)
    rcov (0.9.8)

PLATFORMS
  ruby

DEPENDENCIES
  jeweler (~> 1.6.4)
  json
  rcov
